GIT
  remote: https://github.com/mlibrary/sftp
  revision: 7d9ae3ca8628699c8e5304319184835a0a843dd2
  tag: sftp/v0.4.2
  specs:
    sftp (0.4.2)

GEM
  remote: https://rubygems.org/
  specs:
    aws-eventstream (1.3.0)
    aws-partitions (1.892.0)
    aws-sdk-core (3.191.2)
      aws-eventstream (~> 1, >= 1.3.0)
      aws-partitions (~> 1, >= 1.651.0)
      aws-sigv4 (~> 1.8)
      base64
      jmespath (~> 1, >= 1.6.1)
    aws-sdk-kms (1.77.0)
      aws-sdk-core (~> 3, >= 3.191.0)
      aws-sigv4 (~> 1.1)
    aws-sdk-s3 (1.143.0)
      aws-sdk-core (~> 3, >= 3.191.0)
      aws-sdk-kms (~> 1)
      aws-sigv4 (~> 1.8)
    aws-sigv4 (1.8.0)
      aws-eventstream (~> 1, >= 1.0.2)
    bagit (0.4.6)
      docopt (~> 0.5.0)
      validatable (~> 1.6)
    base64 (0.2.0)
    bigdecimal (3.1.6)
    canister (0.9.2)
    concurrent-ruby (1.2.3)
    docopt (0.5.0)
    dotenv (3.1.0)
    faraday (2.9.0)
      faraday-net_http (>= 2.0, < 3.2)
    faraday-net_http (3.1.0)
      net-http
    faraday-retry (2.2.0)
      faraday (~> 2.0)
    jmespath (1.6.2)
    minitest (5.22.2)
    mysql2 (0.5.6)
    net-http (0.4.1)
      uri
    prometheus-client (4.2.2)
    pastel (0.8.0)
      tty-color (~> 0.5)
    rake (13.1.0)
    rexml (3.2.6)
    semantic_logger (4.15.0)
      concurrent-ruby (~> 1.0)
    sequel (5.77.0)
      bigdecimal
    tty-color (0.6.0)
    tty-command (0.10.1)
      pastel (~> 0.8)
    uri (0.13.0)
    validatable (1.6.7)

PLATFORMS
  aarch64-linux
  arm64-darwin-22
  ruby

DEPENDENCIES
  aws-sdk-s3 (~> 1.136)
  bagit (~> 0.4.6)
  canister (~> 0.9.2)
  dotenv (~> 3.1.0)
  faraday (~> 2.9)
  faraday-retry (~> 2.2)
  minitest (~> 5.20)
  mysql2 (~> 0.5.6)
  prometheus-client
  rake (~> 13.1)
  rexml (~> 3.2.6)
  semantic_logger (~> 4.15)
  sequel (~> 5.77)
  sftp!
  tty-command (~> 0.10.1)

BUNDLED WITH
   2.5.6
