GIT
  remote: https://github.com/mlibrary/sftp
  revision: 82fa74105a034a7dd40c4f21f86a3f9d047a90d2
  tag: v0.3.0
  specs:
    sftp (0.3.0)

GEM
  remote: https://rubygems.org/
  specs:
    aws-eventstream (1.2.0)
    aws-partitions (1.848.0)
    aws-sdk-core (3.186.0)
      aws-eventstream (~> 1, >= 1.0.2)
      aws-partitions (~> 1, >= 1.651.0)
      aws-sigv4 (~> 1.5)
      jmespath (~> 1, >= 1.6.1)
    aws-sdk-kms (1.72.0)
      aws-sdk-core (~> 3, >= 3.184.0)
      aws-sigv4 (~> 1.1)
    aws-sdk-s3 (1.136.0)
      aws-sdk-core (~> 3, >= 3.181.0)
      aws-sdk-kms (~> 1)
      aws-sigv4 (~> 1.6)
    aws-sigv4 (1.6.1)
      aws-eventstream (~> 1, >= 1.0.2)
    bagit (0.4.6)
      docopt (~> 0.5.0)
      validatable (~> 1.6)
    docopt (0.5.0)
    faraday (2.9.0)
      faraday-net_http (>= 2.0, < 3.2)
    faraday-net_http (3.1.0)
      net-http
    faraday-retry (2.2.0)
      faraday (~> 2.0)
    jmespath (1.6.2)
    minitar (0.9)
    minitest (5.20.0)
    net-http (0.4.1)
      uri
    rake (13.1.0)
    rexml (3.2.6)
    uri (0.13.0)
    validatable (1.6.7)

PLATFORMS
  arm64-darwin-22

DEPENDENCIES
  aws-sdk-s3 (~> 1.136)
  bagit (~> 0.4.6)
  faraday (~> 2.9)
  faraday-retry (~> 2.2)
  minitar (~> 0.9)
  minitest (~> 5.20)
  rake (~> 13.1)
  rexml (~> 3.2.6)
  sftp!

BUNDLED WITH
   2.4.20
