GIT
  remote: https://github.com/mlibrary/sftp
  revision: 7d9ae3ca8628699c8e5304319184835a0a843dd2
  tag: sftp/v0.4.2
  specs:
    sftp (0.4.2)

GEM
  remote: https://rubygems.org/
  specs:
    aws-eventstream (1.3.2)
    aws-partitions (1.1080.0)
    aws-sdk-core (3.222.1)
      aws-eventstream (~> 1, >= 1.3.0)
      aws-partitions (~> 1, >= 1.992.0)
      aws-sigv4 (~> 1.9)
      base64
      jmespath (~> 1, >= 1.6.1)
      logger
    aws-sdk-kms (1.99.0)
      aws-sdk-core (~> 3, >= 3.216.0)
      aws-sigv4 (~> 1.5)
    aws-sdk-s3 (1.183.0)
      aws-sdk-core (~> 3, >= 3.216.0)
      aws-sdk-kms (~> 1)
      aws-sigv4 (~> 1.5)
    aws-sigv4 (1.11.0)
      aws-eventstream (~> 1, >= 1.0.2)
    bagit (0.6.0)
      docopt (~> 0.5.0)
      validatable (~> 1.6)
    base64 (0.2.0)
    bigdecimal (3.1.9)
    canister (0.9.2)
    concurrent-ruby (1.3.5)
    docopt (0.5.0)
    dotenv (3.1.7)
    faraday (2.12.2)
      faraday-net_http (>= 2.0, < 3.5)
      json
      logger
    faraday-net_http (3.4.0)
      net-http (>= 0.5.0)
    faraday-retry (2.2.1)
      faraday (~> 2.0)
    jmespath (1.6.2)
    json (2.10.2)
    logger (1.7.0)
    minitest (5.25.5)
    mysql2 (0.5.6)
    net-http (0.6.0)
      uri
    pastel (0.8.0)
      tty-color (~> 0.5)
    prometheus-client (4.2.4)
      base64
    rake (13.2.1)
    rexml (3.4.1)
    semantic_logger (4.16.1)
      concurrent-ruby (~> 1.0)
    sequel (5.91.0)
      bigdecimal
    tty-color (0.6.0)
    tty-command (0.10.1)
      pastel (~> 0.8)
    uri (1.0.3)
    validatable (1.6.7)

PLATFORMS
  aarch64-linux
  ruby

DEPENDENCIES
  aws-sdk-s3 (~> 1.183)
  bagit (~> 0.6.0)
  canister (~> 0.9.2)
  dotenv (~> 3.1.7)
  faraday (~> 2.12.2)
  faraday-retry (~> 2.2.1)
  minitest (~> 5.25.5)
  mysql2 (~> 0.5.6)
  prometheus-client (~> 4.2.4)
  rake (~> 13.2.1)
  rexml (~> 3.4.1)
  semantic_logger (~> 4.16.1)
  sequel (~> 5.91)
  sftp!
  tty-command (~> 0.10.1)

BUNDLED WITH
   2.6.5
